PATH
  remote: .
  specs:
    rails_plan (0.0.2)
      rest-client (= 2.1.0)
      thor (= 1.3.1)

GEM
  remote: https://rubygems.org/
  specs:
    coderay (1.1.3)
    domain_name (0.6.20240107)
    http-accept (1.7.0)
    http-cookie (1.0.5)
      domain_name (~> 0.5)
    method_source (1.1.0)
    mime-types (3.5.2)
      mime-types-data (~> 3.2015)
    mime-types-data (3.2024.0507)
    netrc (0.11.0)
    pry (0.14.2)
      coderay (~> 1.1)
      method_source (~> 1.0)
    rest-client (2.1.0)
      http-accept (>= 1.7.0, < 2.0)
      http-cookie (>= 1.0.2, < 2.0)
      mime-types (>= 1.16, < 4.0)
      netrc (~> 0.8)
    thor (1.3.1)

PLATFORMS
  x86_64-darwin-21

DEPENDENCIES
  pry
  rails_plan!

BUNDLED WITH
   2.4.22
